GIT
  remote: git://github.com/guard/listen.git
  revision: ac93c7dfffa0400c49d24b13ad0a61981b081f59
  specs:
    listen (0.7.2)

GEM
  remote: https://rubygems.org/
  specs:
    actionmailer (3.2.22.4)
      actionpack (= 3.2.22.4)
      mail (~> 2.5.4)
    actionpack (3.2.22.4)
      activemodel (= 3.2.22.4)
      activesupport (= 3.2.22.4)
      builder (~> 3.0.0)
      erubis (~> 2.7.0)
      journey (~> 1.0.4)
      rack (~> 1.4.5)
      rack-cache (~> 1.2)
      rack-test (~> 0.6.1)
      sprockets (~> 2.2.1)
    active_hash (0.9.13)
      activesupport (>= 2.2.2)
    activeadmin (0.5.1)
      arbre (>= 1.0.1)
      bourbon (>= 1.0.0)
      devise (>= 1.1.2)
      fastercsv
      formtastic (>= 2.0.0)
      inherited_resources (>= 1.3.1)
      jquery-rails (>= 1.0.0)
      kaminari (>= 0.13.0)
      meta_search (>= 0.9.2)
      rails (>= 3.0.0)
      sass (>= 3.1.0)
    activemodel (3.2.22.4)
      activesupport (= 3.2.22.4)
      builder (~> 3.0.0)
    activerecord (3.2.22.4)
      activemodel (= 3.2.22.4)
      activesupport (= 3.2.22.4)
      arel (~> 3.0.2)
      tzinfo (~> 0.3.29)
    activeresource (3.2.22.4)
      activemodel (= 3.2.22.4)
      activesupport (= 3.2.22.4)
    activesupport (3.2.22.4)
      i18n (~> 0.6, >= 0.6.4)
      multi_json (~> 1.0)
    arbre (1.0.1)
      activesupport (>= 3.0.0)
    arel (3.0.3)
    bcrypt-ruby (3.0.1)
    bourbon (3.1.0)
      sass (>= 3.2.0)
      thor
    builder (3.0.4)
    chunky_png (1.2.7)
    coderay (1.0.8)
    coffee-rails (3.2.2)
      coffee-script (>= 2.2.0)
      railties (~> 3.2.0)
    coffee-script (2.2.0)
      coffee-script-source
      execjs
    coffee-script-source (1.4.0)
    compass (0.12.2)
      chunky_png (~> 1.2)
      fssm (>= 0.2.7)
      sass (~> 3.1)
    compass-rails (1.0.3)
      compass (>= 0.12.2, < 0.14)
    d3-rails (0.0.5)
      railties (>= 3.1)
    daemons (1.1.9)
    devise (2.2.3)
      bcrypt-ruby (~> 3.0)
      orm_adapter (~> 0.1)
      railties (~> 3.1)
      warden (~> 1.2.1)
    diff-lcs (1.1.3)
    draper (0.17.0)
      actionpack (~> 3.2)
      activesupport (~> 3.2)
    erubis (2.7.0)
    eventmachine (1.0.7)
    execjs (1.4.0)
      multi_json (~> 1.0)
    factory_girl (4.2.0)
      activesupport (>= 3.0.0)
    factory_girl_rails (4.2.1)
      factory_girl (~> 4.2.0)
      railties (>= 3.0.0)
    fastercsv (1.5.5)
    formtastic (2.2.1)
      actionpack (>= 3.0)
    fssm (0.2.10)
    fuubar (1.1.0)
      rspec (~> 2.0)
      rspec-instafail (~> 0.2.0)
      ruby-progressbar (~> 1.0.0)
    guard (1.6.2)
      listen (>= 0.6.0)
      lumberjack (>= 1.0.2)
      pry (>= 0.9.10)
      terminal-table (>= 1.4.3)
      thor (>= 0.14.6)
    guard-rspec (2.4.0)
      guard (>= 1.1)
      rspec (~> 2.11)
    haml (5.1.2)
      temple (>= 0.8.0)
      tilt
    has_scope (0.5.1)
    hike (1.2.3)
    i18n (0.7.0)
    inherited_resources (1.3.1)
      has_scope (~> 0.5.0)
      responders (~> 0.6)
    journey (1.0.4)
    jquery-rails (2.2.1)
      railties (>= 3.0, < 5.0)
      thor (>= 0.14, < 2.0)
    jquery-ui-rails (4.0.1)
      jquery-rails
      railties (>= 3.1.0)
    json (1.8.3)
    kaminari (0.14.1)
      actionpack (>= 3.0.0)
      activesupport (>= 3.0.0)
    lumberjack (1.0.2)
    mail (2.5.4)
      mime-types (~> 1.16)
      treetop (~> 1.4.8)
    meta_search (1.1.3)
      actionpack (~> 3.1)
      activerecord (~> 3.1)
      activesupport (~> 3.1)
      polyamorous (~> 0.5.0)
    method_source (0.8.1)
    mime-types (1.25.1)
    multi_json (1.12.1)
    nokogiri (1.5.6)
    orm_adapter (0.4.0)
    pg (0.17.1)
    polyamorous (0.5.0)
      activerecord (~> 3.0)
    polyglot (0.3.5)
    pry (0.9.11.4)
      coderay (~> 1.0.5)
      method_source (~> 0.8)
      slop (~> 3.4)
    quiet_assets (1.0.1)
      railties (~> 3.1)
    rack (1.4.7)
    rack-cache (1.6.1)
      rack (>= 0.4)
    rack-ssl (1.3.4)
      rack
    rack-test (0.6.3)
      rack (>= 1.0)
    rails (3.2.22.4)
      actionmailer (= 3.2.22.4)
      actionpack (= 3.2.22.4)
      activerecord (= 3.2.22.4)
      activeresource (= 3.2.22.4)
      activesupport (= 3.2.22.4)
      bundler (~> 1.0)
      railties (= 3.2.22.4)
    railties (3.2.22.4)
      actionpack (= 3.2.22.4)
      activesupport (= 3.2.22.4)
      rack-ssl (~> 1.3.2)
      rake (>= 0.8.7)
      rdoc (~> 3.4)
      thor (>= 0.14.6, < 2.0)
    rake (11.2.2)
    rb-fsevent (0.9.3)
    rdoc (3.12.2)
      json (~> 1.4)
    redcarpet (2.2.2)
    responders (0.9.3)
      railties (~> 3.1)
    rspec (2.12.0)
      rspec-core (~> 2.12.0)
      rspec-expectations (~> 2.12.0)
      rspec-mocks (~> 2.12.0)
    rspec-core (2.12.2)
    rspec-expectations (2.12.1)
      diff-lcs (~> 1.1.3)
    rspec-instafail (0.2.4)
    rspec-mocks (2.12.2)
    rspec-rails (2.12.2)
      actionpack (>= 3.0)
      activesupport (>= 3.0)
      railties (>= 3.0)
      rspec-core (~> 2.12.0)
      rspec-expectations (~> 2.12.0)
      rspec-mocks (~> 2.12.0)
    ruby-progressbar (1.0.2)
    sass (3.2.5)
    sass-rails (3.2.6)
      railties (~> 3.2.0)
      sass (>= 3.1.10)
      tilt (~> 1.3)
    sassy-math (1.5)
      compass (~> 0.11)
    slop (3.4.3)
    sprockets (2.2.3)
      hike (~> 1.2)
      multi_json (~> 1.0)
      rack (~> 1.0)
      tilt (~> 1.1, != 1.3.0)
    stamp (0.5.0)
    temple (0.8.2)
    terminal-table (1.4.5)
    thin (1.5.0)
      daemons (>= 1.0.9)
      eventmachine (>= 0.12.6)
      rack (>= 1.0.0)
    thor (0.19.1)
    tilt (1.4.1)
    touchpunch-rails (1.0.0)
      railties (~> 3.1)
    treetop (1.4.15)
      polyglot
      polyglot (>= 0.3.1)
    tzinfo (0.3.51)
    uglifier (1.3.0)
      execjs (>= 0.3.0)
      multi_json (~> 1.0, >= 1.0.2)
    warden (1.2.1)
      rack (>= 1.0)

PLATFORMS
  ruby

DEPENDENCIES
  active_hash
  activeadmin
  coffee-rails (~> 3.2.1)
  compass-rails
  d3-rails
  draper (= 0.17.0)
  eventmachine (= 1.0.7)
  factory_girl_rails
  fuubar
  guard
  guard-rspec
  haml
  jquery-rails
  jquery-ui-rails
  kaminari
  listen!
  nokogiri
  pg
  quiet_assets
  rails (~> 3.2)
  rb-fsevent
  redcarpet
  rspec-rails (~> 2.0)
  sass-rails (~> 3.2.3)
  sassy-math
  stamp
  thin
  touchpunch-rails
  uglifier (>= 1.0.3)

RUBY VERSION
   ruby 2.1.6p336

BUNDLED WITH
   1.16.0
